GEM
  remote: https://rubygems.org/
  specs:
    hoe (3.15.1)
      rake (>= 0.8, < 12.0)
    rack (2.0.1)
    rack-test (0.6.3)
      rack (>= 1.0)
    rake (10.5.0)
    test-unit (1.2.3)
      hoe (>= 1.5.1)

PLATFORMS
  ruby

DEPENDENCIES
  rack-test
  test-unit

BUNDLED WITH
   1.10.5
